GEM
  remote: http://rubygems.org/
  specs:
    parse-cron (0.1.1)

PLATFORMS
  ruby

DEPENDENCIES
  parse-cron
